NUGET
  remote: https://nuget.org/api/v2
  specs:
    FParsec (1.0.1)
    FsCheck (1.0.0)
    FsCheck.Nunit (1.0.0)
      FsCheck (>= 1.0.0)
      NUnit (>= 2.6.3)
      NUnit.Runners (>= 2.6.3)
    FSharp.Core.Microsoft.Signed (3.1.1.1)
    FSharpLint (0.1.6)
    MSBuild.Extension.Pack (1.3.0)
    NUnit (2.6.3)
    NUnit.Runners (2.6.3)
    UnionArgParser (0.8.0)
